GEM
  remote: http://rubygems.org/
  specs:
    addressable (2.2.6)
    bcrypt-ruby (3.0.1)
    data_objects (0.10.8)
      addressable (~> 2.1)
    datamapper (1.2.0)
      dm-aggregates (~> 1.2.0)
      dm-constraints (~> 1.2.0)
      dm-core (~> 1.2.0)
      dm-migrations (~> 1.2.0)
      dm-serializer (~> 1.2.0)
      dm-timestamps (~> 1.2.0)
      dm-transactions (~> 1.2.0)
      dm-types (~> 1.2.0)
      dm-validations (~> 1.2.0)
    dm-aggregates (1.2.0)
      dm-core (~> 1.2.0)
    dm-constraints (1.2.0)
      dm-core (~> 1.2.0)
    dm-core (1.2.0)
      addressable (~> 2.2.6)
    dm-do-adapter (1.2.0)
      data_objects (~> 0.10.6)
      dm-core (~> 1.2.0)
    dm-is-state_machine (1.2.0)
      dm-core (~> 1.2.0)
    dm-migrations (1.2.0)
      dm-core (~> 1.2.0)
    dm-mysql-adapter (1.2.0)
      dm-do-adapter (~> 1.2.0)
      do_mysql (~> 0.10.6)
    dm-pager (1.1.0)
      dm-aggregates (>= 0.10.1)
      dm-core (>= 0.10.1)
    dm-redis-adapter (0.6.0)
      dm-core (>= 1.2.0)
      dm-types (>= 1.2.0)
      hiredis (~> 0.3.0)
      redis (~> 2.2)
    dm-serializer (1.2.1)
      dm-core (~> 1.2.0)
      fastercsv (~> 1.5.4)
      json (~> 1.6.1)
      json_pure (~> 1.6.1)
      multi_json (~> 1.0.3)
    dm-sqlite-adapter (1.2.0)
      dm-do-adapter (~> 1.2.0)
      do_sqlite3 (~> 0.10.6)
    dm-timestamps (1.2.0)
      dm-core (~> 1.2.0)
    dm-transactions (1.2.0)
      dm-core (~> 1.2.0)
    dm-types (1.2.1)
      bcrypt-ruby (~> 3.0.0)
      dm-core (~> 1.2.0)
      fastercsv (~> 1.5.4)
      json (~> 1.6.1)
      multi_json (~> 1.0.3)
      stringex (~> 1.3.0)
      uuidtools (~> 2.1.2)
    dm-validations (1.2.0)
      dm-core (~> 1.2.0)
    do_mysql (0.10.8)
      data_objects (= 0.10.8)
    do_sqlite3 (0.10.8)
      data_objects (= 0.10.8)
    extlib (0.9.15)
    fastercsv (1.5.4)
    hiredis (0.3.2)
    json (1.6.5)
    json_pure (1.6.5)
    kgio (2.7.2)
    mime-types (1.17.2)
    multi_json (1.0.4)
    rack (1.4.1)
    rack-cache (1.1)
      rack (>= 0.4)
    rack-contrib (1.1.0)
      rack (>= 0.9.1)
    rack-protection (1.2.0)
      rack
    raindrops (0.8.0)
    redis (2.2.2)
    rest-client (1.6.7)
      mime-types (>= 1.16)
    sinatra (1.3.2)
      rack (~> 1.3, >= 1.3.6)
      rack-protection (~> 1.2)
      tilt (~> 1.3, >= 1.3.3)
    stringex (1.3.0)
    systemu (2.4.2)
    tilt (1.3.3)
    unicorn (4.2.0)
      kgio (~> 2.6)
      rack
      raindrops (~> 0.7)
    uuidtools (2.1.2)

PLATFORMS
  ruby

DEPENDENCIES
  data_objects
  datamapper
  dm-aggregates
  dm-constraints
  dm-core
  dm-is-state_machine
  dm-migrations
  dm-mysql-adapter
  dm-pager
  dm-redis-adapter
  dm-serializer
  dm-sqlite-adapter
  dm-timestamps
  dm-types
  dm-validations
  do_mysql
  do_sqlite3
  extlib
  json
  rack-cache
  rack-contrib
  rest-client
  sinatra
  systemu
  unicorn
